{
    "Manufacturer": "Bruker BioSpin MRI GmbH",
    "ManufacturersModelName": "BioSpec 117/16 AV3HD",
    "DeviceSerialNumber": 10208087,
    "StationName": "BioSpec 117/16 AV3HD",
    "SoftwareVersion": "6.0.1",
    "MagneticFieldStrength": 11.750608401545026,
    "ReceiveCoilName": "Value was not specified",
    "ReceiveCoilActiveElements": "Value was not specified",
    "GradientSetType": "Value was not specified",
    "MRTransmitCoilSequence": {
        "Name": null,
        "Manufacture": null,
        "Type": null
    },
    "CoilConfigName": "Value was not specified",
    "MatrixCoilMode": "ParallelExperiment",
    "CoilCombinationMethod": "Value was not specified",
    "PulseSequenceType": "RARE.ppg",
    "ScanningSequence": "Bruker:RARE",
    "SequenceVariant": "Both",
    "ScanOptions": {
        "RG": "No",
        "CG": "No",
        "PFF": 1,
        "PFP": 1,
        "FC": "FlowNone",
        "SP": "Off",
        "FP": "FatSuppression"
    },
    "SequenceName": "2_T2_TurboRARE_3D",
    "PulseSequenceDetails": "2_T2_TurboRARE_3D (E2)",
    "NonlinearGradientCorrection": "RectilinearTraversal",
    "NumberShots": 1,
    "ParallelReductionFactorInPlane": 10,
    "ParallelAcquisitionTechnique": "Value was not specified",
    "PartialFourier": [
        1,
        1,
        1
    ],
    "PartialFourierDirection": "Value was not specified",
    "PhaseEncodingDirection": "j",
    "EffectiveEchoSpacing": 5.000000000000001e-07,
    "TotalReadoutTime": 0.000125,
    "EchoTime": 0.0257088255053531,
    "InversionTime": "Value was not specified",
    "SliceTiming": 0.0,
    "SliceEncodingDirection": "k",
    "DwellTime": 0.00125,
    "FlipAngle": 90,
    "MultibandAccerlationFactor": "Value was not specified",
    "AnatomicalLandmarkCoordinates": "Value was not specified",
    "InstitutionName": "SBIC Singapore",
    "InstitutionAddress": "Value was not specified",
    "InstitutionalDepartmentName": "Value was not specified"
}